ObjectType = Image
NDims = 3
BinaryData = True
BinaryDataByteOrderMSB = False
CompressedData = False
TransformMatrix = 1 0 0 0 1 0 0 0 1
Offset = -254.4 -250 -190.5
CenterOfRotation = 0 0 0
AnatomicalOrientation = RAI
ElementSpacing = 0.976562 0.976562 2.5
DimSize = 512 512 136
ElementType = MET_USHORT
ElementDataFile = T_40.raw
